GEM
  remote: https://rubygems.org/
  specs:
    dotenv (2.1.0)
    hanami (0.7.2)
      bundler (~> 1.6)
      dotenv (~> 2.0)
      hanami-assets (~> 0.2)
      hanami-controller (~> 0.6)
      hanami-helpers (~> 0.3)
      hanami-mailer (~> 0.2)
      hanami-router (~> 0.6)
      hanami-utils (~> 0.7)
      hanami-view (~> 0.6)
      shotgun (~> 0.9)
      thor (~> 0.19)
    hanami-assets (0.2.1)
      hanami-helpers (~> 0.3)
      hanami-utils (~> 0.7)
      tilt (~> 2.0, >= 2.0.2)
    hanami-controller (0.6.1)
      hanami-utils (~> 0.7)
      hanami-validations (~> 0.5)
      rack (~> 1.6, >= 1.6.2)
    hanami-helpers (0.3.0)
      hanami-utils (~> 0.7)
    hanami-mailer (0.2.0)
      hanami-utils (~> 0.7)
      mail (~> 2.5)
      tilt (~> 2.0, >= 2.0.1)
    hanami-model (0.6.1)
      hanami-utils (~> 0.7)
      sequel (~> 4.9)
    hanami-router (0.6.2)
      hanami-utils (~> 0.7)
      http_router (~> 0.11)
    hanami-utils (0.7.1)
    hanami-validations (0.5.0)
      hanami-utils (~> 0.7)
    hanami-view (0.6.1)
      hanami-utils (~> 0.7)
      tilt (~> 2.0, >= 2.0.1)
    http_router (0.11.2)
      rack (>= 1.0.0)
      url_mount (~> 0.2.1)
    kgio (2.10.0)
    mail (2.6.3)
      mime-types (>= 1.16, < 3)
    mime-types (2.99.1)
    pg (0.18.4)
    rack (1.6.4)
    rack-handlers (0.7.2)
      rack
    raindrops (0.15.0)
    rake (10.5.0)
    sequel (4.31.0)
    shotgun (0.9.1)
      rack (>= 1.0)
    thor (0.19.1)
    tilt (2.0.2)
    unicorn (5.0.1)
      kgio (~> 2.6)
      rack
      raindrops (~> 0.7)
    url_mount (0.2.1)
      rack
    yajl-ruby (1.2.1)

PLATFORMS
  ruby

DEPENDENCIES
  bundler
  hanami (= 0.7.2)
  hanami-model (~> 0.5)
  pg
  rack-handlers (~> 0.7)
  rake
  unicorn (~> 5.0)
  yajl-ruby (~> 1.2)

BUNDLED WITH
   1.11.2
